GIT
  remote: git@github.com:geopet/growl.git
  revision: 3e2d6a7702c238c0f4fc22224cb010a1d9e392f0
  specs:
    growl (1.0.4)

GEM
  remote: https://rubygems.org/
  specs:
    curb (0.8.5)
    feedzirra (0.5.0)
      curb (~> 0.8.1)
      loofah (~> 1.2.1)
      sax-machine (~> 0.2.1)
    loofah (1.2.1)
      nokogiri (>= 1.4.4)
    mini_portile (0.5.2)
    nokogiri (1.6.0)
      mini_portile (~> 0.5.0)
    sax-machine (0.2.1)
      nokogiri (~> 1.6.0)

PLATFORMS
  ruby

DEPENDENCIES
  feedzirra
  growl!
