GEM
  remote: https://rubygems.org/
  specs:
    growl (1.0.3)
    mini_portile (0.5.2)
    nokogiri (1.6.0)
      mini_portile (~> 0.5.0)

PLATFORMS
  ruby

DEPENDENCIES
  growl
  nokogiri
